NUGET
  remote: http://api.nuget.org/v3/index.json
    FAKE (4.34.5)
    FSharp.Core (4.0.0.1)
    Fuchu (1.0.3)
      FSharp.Core (>= 3.1.2.1)
    Unquote (3.1.1)
