NUGET
  remote: https://nuget.org/api/v2
  specs:
    FAKE (4.4.4)
    Fuchu (0.6.0)
    Unquote (3.0.0) - framework: >= net46
